GIT
  remote: https://github.com/breamware/sidekiq-batch
  revision: da3f35441cad206b9fc6bc9f231cb252f3b31c61
  specs:
    sidekiq-batch (0.2.0)
      sidekiq (>= 7, < 8)

GIT
  remote: https://github.com/hathitrust/hathifiles_database.git
  revision: 8cb9172a136d54c949fd7847d5a313d31e419c13
  branch: main
  specs:
    hathifiles_database (0.5.0)
      date_named_file
      dotenv
      ettin
      hanami-cli
      library_stdnums
      mysql2
      sequel
      sqlite3
      tty-prompt

GIT
  remote: https://github.com/hathitrust/push_metrics.git
  revision: 3cba728a95eb936fed5f06da028c88d06bb23996
  branch: main
  specs:
    push_metrics (0.10.0)
      milemarker (~> 1.0)
      prometheus-client (~> 4.0)

GEM
  remote: https://rubygems.org/
  specs:
    activesupport (8.0.1)
      base64
      benchmark (>= 0.3)
      bigdecimal
      concurrent-ruby (~> 1.0, >= 1.3.1)
      connection_pool (>= 2.2.5)
      drb
      i18n (>= 1.6, < 2)
      logger (>= 1.4.2)
      minitest (>= 5.1)
      securerandom (>= 0.3)
      tzinfo (~> 2.0, >= 2.0.5)
      uri (>= 0.13.1)
    addressable (2.8.7)
      public_suffix (>= 2.0.2, < 7.0)
    ast (2.4.2)
    base64 (0.2.0)
    benchmark (0.4.0)
    bigdecimal (3.1.9)
    canister (0.9.2)
    climate_control (1.2.0)
    coderay (1.1.3)
    concurrent-ruby (1.3.5)
    connection_pool (2.5.0)
    crack (1.0.0)
      bigdecimal
      rexml
    date (3.4.1)
    date_named_file (0.1.1)
    debug (1.10.0)
      irb (~> 1.10)
      reline (>= 0.3.8)
    deep_merge (1.2.2)
    diff-lcs (1.6.0)
    docile (1.4.1)
    dotenv (3.1.7)
    drb (2.2.1)
    dry-cli (1.2.0)
    dry-files (1.1.0)
    dry-inflector (1.2.0)
    ettin (1.3.0)
      deep_merge
    factory_bot (6.5.1)
      activesupport (>= 6.1.0)
    faker (3.5.1)
      i18n (>= 1.8.11, < 2)
    faraday (2.12.2)
      faraday-net_http (>= 2.0, < 3.5)
      json
      logger
    faraday-net_http (3.4.0)
      net-http (>= 0.5.0)
    faraday-retry (2.2.1)
      faraday (~> 2.0)
    hanami-cli (2.2.1)
      bundler (~> 2.1)
      dry-cli (~> 1.0, >= 1.1.0)
      dry-files (~> 1.0, >= 1.0.2, < 2)
      dry-inflector (~> 1.0, < 2)
      rake (~> 13.0)
      zeitwerk (~> 2.6)
    hashdiff (1.1.2)
    http-2 (1.0.2)
    httpx (1.4.1)
      http-2 (>= 1.0.0)
    i18n (1.14.7)
      concurrent-ruby (~> 1.0)
    io-console (0.8.0)
    irb (1.15.1)
      pp (>= 0.6.0)
      rdoc (>= 4.0.0)
      reline (>= 0.4.2)
    json (2.10.2)
    language_server-protocol (3.17.0.4)
    library_stdnums (1.6.0)
    lint_roller (1.1.0)
    logger (1.6.6)
    marc (1.3.0)
      nokogiri (~> 1.0)
      rexml
    method_source (1.1.0)
    milemarker (1.0.1)
    minitest (5.25.4)
    mysql2 (0.5.6)
    net-http (0.6.0)
      uri
    nio4r (2.7.4)
    nokogiri (1.18.5-aarch64-linux-gnu)
      racc (~> 1.4)
    nokogiri (1.18.5-x86_64-linux-gnu)
      racc (~> 1.4)
    pairing_heap (3.1.0)
    parallel (1.26.3)
    parser (3.3.7.1)
      ast (~> 2.4.1)
      racc
    pastel (0.8.0)
      tty-color (~> 0.5)
    pp (0.6.2)
      prettyprint
    prettyprint (0.2.0)
    prism (1.3.0)
    prometheus-client (4.2.4)
      base64
    pry (0.15.2)
      coderay (~> 1.1)
      method_source (~> 1.0)
    psych (5.2.3)
      date
      stringio
    public_suffix (6.0.1)
    puma (6.6.0)
      nio4r (~> 2.0)
    racc (1.8.1)
    rack (3.1.12)
    rack-session (2.1.0)
      base64 (>= 0.1.0)
      rack (>= 3.0.0)
    rainbow (3.1.1)
    rake (13.2.1)
    rbs (3.8.1)
      logger
    rdoc (6.12.0)
      psych (>= 4.0.0)
    redis-client (0.24.0)
      connection_pool
    regexp_parser (2.10.0)
    reline (0.6.0)
      io-console (~> 0.5)
    rexml (3.4.1)
    rgl (0.6.6)
      pairing_heap (>= 0.3, < 4.0)
      rexml (~> 3.2, >= 3.2.4)
      stream (~> 0.5.3)
    rspec (3.13.0)
      rspec-core (~> 3.13.0)
      rspec-expectations (~> 3.13.0)
      rspec-mocks (~> 3.13.0)
    rspec-core (3.13.3)
      rspec-support (~> 3.13.0)
    rspec-expectations (3.13.3)
      diff-lcs (>= 1.2.0, < 2.0)
      rspec-support (~> 3.13.0)
    rspec-mocks (3.13.2)
      diff-lcs (>= 1.2.0, < 2.0)
      rspec-support (~> 3.13.0)
    rspec-sidekiq (5.1.0)
      rspec-core (~> 3.0)
      rspec-expectations (~> 3.0)
      rspec-mocks (~> 3.0)
      sidekiq (>= 5, < 9)
    rspec-support (3.13.2)
    rubocop (1.71.2)
      json (~> 2.3)
      language_server-protocol (>= 3.17.0)
      parallel (~> 1.10)
      parser (>= 3.3.0.2)
      rainbow (>= 2.2.2, < 4.0)
      regexp_parser (>= 2.9.3, < 3.0)
      rubocop-ast (>= 1.38.0, < 2.0)
      ruby-progressbar (~> 1.7)
      unicode-display_width (>= 2.4.0, < 4.0)
    rubocop-ast (1.38.1)
      parser (>= 3.3.1.0)
    rubocop-performance (1.23.1)
      rubocop (>= 1.48.1, < 2.0)
      rubocop-ast (>= 1.31.1, < 2.0)
    ruby-lsp (0.23.11)
      language_server-protocol (~> 3.17.0)
      prism (>= 1.2, < 2.0)
      rbs (>= 3, < 4)
      sorbet-runtime (>= 0.5.10782)
    ruby-lsp-rspec (0.1.22)
      ruby-lsp (~> 0.23.0)
    ruby-prof (1.7.1)
    ruby-progressbar (1.13.0)
    securerandom (0.4.1)
    sequel (5.90.0)
      bigdecimal
    sidekiq (7.3.9)
      base64
      connection_pool (>= 2.3.0)
      logger
      rack (>= 2.2.4)
      redis-client (>= 0.22.2)
    simplecov (0.22.0)
      docile (~> 1.1)
      simplecov-html (~> 0.11)
      simplecov_json_formatter (~> 0.1)
    simplecov-html (0.13.1)
    simplecov-lcov (0.8.0)
    simplecov_json_formatter (0.1.4)
    solr_cursorstream (0.2.0)
      faraday
      faraday-retry
      httpx
      milemarker
    sorbet-runtime (0.5.11911)
    sqlite3 (2.6.0-aarch64-linux-gnu)
    sqlite3 (2.6.0-x86_64-linux-gnu)
    standard (1.45.0)
      language_server-protocol (~> 3.17.0.2)
      lint_roller (~> 1.0)
      rubocop (~> 1.71.0)
      standard-custom (~> 1.0.0)
      standard-performance (~> 1.6)
    standard-custom (1.0.2)
      lint_roller (~> 1.0)
      rubocop (~> 1.50)
    standard-performance (1.6.0)
      lint_roller (~> 1.1)
      rubocop-performance (~> 1.23.0)
    stream (0.5.5)
    stringio (3.1.5)
    thor (1.3.2)
    trilogy (2.9.0)
    tty-color (0.6.0)
    tty-cursor (0.7.1)
    tty-prompt (0.23.1)
      pastel (~> 0.8)
      tty-reader (~> 0.8)
    tty-reader (0.9.0)
      tty-cursor (~> 0.7)
      tty-screen (~> 0.8)
      wisper (~> 2.0)
    tty-screen (0.8.2)
    tzinfo (2.0.6)
      concurrent-ruby (~> 1.0)
    unicode-display_width (3.1.4)
      unicode-emoji (~> 4.0, >= 4.0.4)
    unicode-emoji (4.0.4)
    uri (1.0.3)
    webmock (3.25.1)
      addressable (>= 2.8.0)
      crack (>= 0.3.2)
      hashdiff (>= 0.4.0, < 2.0.0)
    wisper (2.0.1)
    yard (0.9.37)
    zeitwerk (2.7.2)
    zinzout (0.1.1)

PLATFORMS
  aarch64-linux
  x86_64-linux

DEPENDENCIES
  base64
  canister
  climate_control
  debug
  dotenv
  ettin
  factory_bot
  faker
  faraday
  hathifiles_database!
  marc
  prometheus-client
  pry
  puma
  push_metrics!
  rack-session
  rgl
  rspec
  rspec-sidekiq
  ruby-lsp
  ruby-lsp-rspec
  ruby-prof
  sequel
  sidekiq
  sidekiq-batch!
  simplecov
  simplecov-lcov
  solr_cursorstream
  standard
  thor
  trilogy
  webmock
  yard
  zinzout

BUNDLED WITH
   2.6.2
