GIT
  remote: https://github.com/breamware/sidekiq-batch
  revision: f2ef0289ea23e652797741de96506957535099ff
  specs:
    sidekiq-batch (0.1.9)
      sidekiq (>= 7, < 8)

GIT
  remote: https://github.com/hathitrust/hathifiles_database.git
  revision: 254667029a039557748431a547333eaa315d1f7b
  branch: main
  specs:
    hathifiles_database (0.4.1)
      date_named_file
      dotenv
      ettin
      hanami-cli
      library_stdnums
      mysql2
      sequel
      sqlite3
      tty-prompt

GIT
  remote: https://github.com/hathitrust/push_metrics.git
  revision: 90ed5f4ee823c1316e1ce0cd4c0db465a180103a
  tag: v0.9.1
  specs:
    push_metrics (0.9.1)
      milemarker (~> 1.0)
      prometheus-client (~> 4.0)

GEM
  remote: https://rubygems.org/
  specs:
    activesupport (7.1.3.3)
      base64
      bigdecimal
      concurrent-ruby (~> 1.0, >= 1.0.2)
      connection_pool (>= 2.2.5)
      drb
      i18n (>= 1.6, < 2)
      minitest (>= 5.1)
      mutex_m
      tzinfo (~> 2.0)
    addressable (2.8.6)
      public_suffix (>= 2.0.2, < 6.0)
    ast (2.4.2)
    base64 (0.2.0)
    bigdecimal (3.1.8)
    canister (0.9.2)
    coderay (1.1.3)
    concurrent-ruby (1.2.3)
    connection_pool (2.4.1)
    crack (1.0.0)
      bigdecimal
      rexml
    date_named_file (0.1.1)
    debug (1.9.2)
      irb (~> 1.10)
      reline (>= 0.3.8)
    deep_merge (1.2.2)
    diff-lcs (1.5.1)
    docile (1.4.0)
    dotenv (3.1.2)
    drb (2.2.1)
    dry-cli (1.2.0)
    dry-files (1.1.0)
    dry-inflector (1.2.0)
    ettin (1.3.0)
      deep_merge
    factory_bot (6.4.6)
      activesupport (>= 5.0.0)
    faker (3.3.1)
      i18n (>= 1.8.11, < 2)
    faraday (2.9.0)
      faraday-net_http (>= 2.0, < 3.2)
    faraday-net_http (3.1.0)
      net-http
    hanami-cli (2.2.1)
      bundler (~> 2.1)
      dry-cli (~> 1.0, >= 1.1.0)
      dry-files (~> 1.0, >= 1.0.2, < 2)
      dry-inflector (~> 1.0, < 2)
      rake (~> 13.0)
      zeitwerk (~> 2.6)
    hashdiff (1.1.0)
    i18n (1.14.5)
      concurrent-ruby (~> 1.0)
    io-console (0.7.2)
    irb (1.13.1)
      rdoc (>= 4.0.0)
      reline (>= 0.4.2)
    json (2.7.2)
    language_server-protocol (3.17.0.3)
    library_stdnums (1.6.0)
    lint_roller (1.1.0)
    logger (1.6.4)
    method_source (1.1.0)
    milemarker (1.0.0)
    minitest (5.23.0)
    mutex_m (0.2.0)
    mysql2 (0.5.6)
    net-http (0.4.1)
      uri
    nio4r (2.7.3)
    pairing_heap (3.1.0)
    parallel (1.24.0)
    parser (3.3.1.0)
      ast (~> 2.4.1)
      racc
    pastel (0.8.0)
      tty-color (~> 0.5)
    prism (1.2.0)
    prometheus-client (4.2.2)
    pry (0.14.2)
      coderay (~> 1.1)
      method_source (~> 1.0)
    psych (5.1.2)
      stringio
    public_suffix (5.0.5)
    puma (6.4.2)
      nio4r (~> 2.0)
    racc (1.8.0)
    rack (3.0.11)
    rack-session (2.0.0)
      rack (>= 3.0.0)
    rainbow (3.1.1)
    rake (13.2.1)
    rbs (3.7.0)
      logger
    rdoc (6.6.3.1)
      psych (>= 4.0.0)
    redis-client (0.22.1)
      connection_pool
    regexp_parser (2.9.2)
    reline (0.5.7)
      io-console (~> 0.5)
    rexml (3.3.6)
      strscan
    rgl (0.6.6)
      pairing_heap (>= 0.3, < 4.0)
      rexml (~> 3.2, >= 3.2.4)
      stream (~> 0.5.3)
    rspec (3.13.0)
      rspec-core (~> 3.13.0)
      rspec-expectations (~> 3.13.0)
      rspec-mocks (~> 3.13.0)
    rspec-core (3.13.0)
      rspec-support (~> 3.13.0)
    rspec-expectations (3.13.0)
      diff-lcs (>= 1.2.0, < 2.0)
      rspec-support (~> 3.13.0)
    rspec-mocks (3.13.1)
      diff-lcs (>= 1.2.0, < 2.0)
      rspec-support (~> 3.13.0)
    rspec-sidekiq (5.0.0)
      rspec-core (~> 3.0)
      rspec-expectations (~> 3.0)
      rspec-mocks (~> 3.0)
      sidekiq (>= 5, < 8)
    rspec-support (3.13.1)
    rubocop (1.63.5)
      json (~> 2.3)
      language_server-protocol (>= 3.17.0)
      parallel (~> 1.10)
      parser (>= 3.3.0.2)
      rainbow (>= 2.2.2, < 4.0)
      regexp_parser (>= 1.8, < 3.0)
      rexml (>= 3.2.5, < 4.0)
      rubocop-ast (>= 1.31.1, < 2.0)
      ruby-progressbar (~> 1.7)
      unicode-display_width (>= 2.4.0, < 3.0)
    rubocop-ast (1.31.3)
      parser (>= 3.3.1.0)
    rubocop-performance (1.21.0)
      rubocop (>= 1.48.1, < 2.0)
      rubocop-ast (>= 1.31.1, < 2.0)
    ruby-lsp (0.22.1)
      language_server-protocol (~> 3.17.0)
      prism (>= 1.2, < 2.0)
      rbs (>= 3, < 4)
      sorbet-runtime (>= 0.5.10782)
    ruby-lsp-rspec (0.1.19)
      ruby-lsp (~> 0.22.0)
    ruby-prof (1.7.0)
    ruby-progressbar (1.13.0)
    sequel (5.80.0)
      bigdecimal
    sidekiq (7.2.4)
      concurrent-ruby (< 2)
      connection_pool (>= 2.3.0)
      rack (>= 2.2.4)
      redis-client (>= 0.19.0)
    simplecov (0.22.0)
      docile (~> 1.1)
      simplecov-html (~> 0.11)
      simplecov_json_formatter (~> 0.1)
    simplecov-html (0.12.3)
    simplecov-lcov (0.8.0)
    simplecov_json_formatter (0.1.4)
    sorbet-runtime (0.5.11704)
    sqlite3 (2.5.0-x86_64-linux-gnu)
    standard (1.36.0)
      language_server-protocol (~> 3.17.0.2)
      lint_roller (~> 1.0)
      rubocop (~> 1.63.0)
      standard-custom (~> 1.0.0)
      standard-performance (~> 1.4)
    standard-custom (1.0.2)
      lint_roller (~> 1.0)
      rubocop (~> 1.50)
    standard-performance (1.4.0)
      lint_roller (~> 1.1)
      rubocop-performance (~> 1.21.0)
    stream (0.5.5)
    stringio (3.1.0)
    strscan (3.1.0)
    thor (1.3.1)
    tty-color (0.6.0)
    tty-cursor (0.7.1)
    tty-prompt (0.23.1)
      pastel (~> 0.8)
      tty-reader (~> 0.8)
    tty-reader (0.9.0)
      tty-cursor (~> 0.7)
      tty-screen (~> 0.8)
      wisper (~> 2.0)
    tty-screen (0.8.2)
    tzinfo (2.0.6)
      concurrent-ruby (~> 1.0)
    unicode-display_width (2.5.0)
    uri (0.13.0)
    webmock (3.23.0)
      addressable (>= 2.8.0)
      crack (>= 0.3.2)
      hashdiff (>= 0.4.0, < 2.0.0)
    wisper (2.0.1)
    yard (0.9.36)
    zeitwerk (2.7.1)
    zinzout (0.1.1)

PLATFORMS
  x86_64-linux

DEPENDENCIES
  base64
  canister
  debug
  dotenv
  ettin
  factory_bot
  faker
  faraday
  hathifiles_database!
  mysql2
  prometheus-client
  pry
  puma
  push_metrics!
  rack-session
  rgl
  rspec
  rspec-sidekiq
  ruby-lsp
  ruby-lsp-rspec
  ruby-prof
  sequel
  sidekiq
  sidekiq-batch!
  simplecov
  simplecov-lcov
  standard
  thor
  webmock
  yard
  zinzout

BUNDLED WITH
   2.5.10
