GEM
  remote: https://rubygems.org/
  specs:
    ast (2.4.0)
    bson (4.7.1)
    canister (0.9.1)
    coderay (1.1.2)
    diff-lcs (1.3)
    docile (1.3.2)
    jaro_winkler (1.5.4)
    json (2.3.0)
    mongo (2.11.3)
      bson (>= 4.4.2, < 5.0.0)
    parallel (1.19.1)
    parser (2.7.0.2)
      ast (~> 2.4.0)
    rainbow (3.0.0)
    rspec (3.9.0)
      rspec-core (~> 3.9.0)
      rspec-expectations (~> 3.9.0)
      rspec-mocks (~> 3.9.0)
    rspec-core (3.9.1)
      rspec-support (~> 3.9.1)
    rspec-expectations (3.9.0)
      diff-lcs (>= 1.2.0, < 2.0)
      rspec-support (~> 3.9.0)
    rspec-mocks (3.9.1)
      diff-lcs (>= 1.2.0, < 2.0)
      rspec-support (~> 3.9.0)
    rspec-support (3.9.2)
    rubocop (0.79.0)
      jaro_winkler (~> 1.5.1)
      parallel (~> 1.10)
      parser (>= 2.7.0.1)
      rainbow (>= 2.2.2, < 4.0)
      ruby-progressbar (~> 1.7)
      unicode-display_width (>= 1.4.0, < 1.7)
    rubocop-performance (1.5.2)
      rubocop (>= 0.71.0)
    rubocop-rspec (1.38.0)
      rubocop (>= 0.68.1)
    ruby-progressbar (1.10.1)
    simplecov (0.16.1)
      docile (~> 1.1)
      json (>= 1.8, < 3)
      simplecov-html (~> 0.10.0)
    simplecov-html (0.10.2)
    unicode-display_width (1.6.1)
    yard (0.9.24)

PLATFORMS
  ruby

DEPENDENCIES
  canister
  dotenv
  mongo
  rspec
  rubocop
  rubocop-performance
  rubocop-rspec
  simplecov
  yard

BUNDLED WITH
   2.1.4
